GEM
  remote: https://rubygems.org/
  specs:
    bourbon (4.2.5)
      sass (~> 3.4)
      thor (~> 0.19)
    clap (1.0.0)
    coderay (1.1.0)
    cuba (3.4.0)
      rack
    cutest (1.2.2)
      clap
    hiredis (0.6.0)
    json (1.8.3)
    method_source (0.8.2)
    msgpack (0.5.12)
    neat (1.7.2)
      bourbon (>= 4.0)
      sass (>= 3.3)
    nido (1.0.0)
    ohm (2.3.0)
      msgpack (~> 0.5.0)
      nido
      redic (~> 1.5.0)
      stal
    pry (0.10.1)
      coderay (~> 1.1.0)
      method_source (~> 0.8.1)
      slop (~> 3.4)
    rack (1.6.4)
    redic (1.5.0)
      hiredis
    sass (3.4.18)
    slop (3.6.0)
    stal (0.1.0)
      redic
    thor (0.19.1)

PLATFORMS
  ruby

DEPENDENCIES
  bourbon
  cuba
  cutest
  json
  neat
  ohm
  pry
  sass
